GEM
  remote: https://rubygems.org/
  specs:
    mustermann (1.1.1)
      ruby2_keywords (~> 0.0.1)
    nio4r (2.5.8)
    obvious (0.2.0)
    pg (1.3.1)
    puma (5.6.1)
      nio4r (~> 2.0)
    rack (2.2.3)
    rack-protection (2.1.0)
      rack
    ruby2_keywords (0.0.5)
    sequel (5.53.0)
    sinatra (2.1.0)
      mustermann (~> 1.0)
      rack (~> 2.2)
      rack-protection (= 2.1.0)
      tilt (~> 2.0)
    tilt (2.0.10)

PLATFORMS
  x86_64-darwin-19

DEPENDENCIES
  obvious (~> 0.2.0)
  pg
  puma
  sequel
  sinatra

RUBY VERSION
   ruby 3.1.0p0

BUNDLED WITH
   2.3.3
